{
  "AcquisitionMatrixPE": 106,
  "AcquisitionNumber": 1,
  "AcquisitionTime": "15:40:12.167500",
  "BandwidthPerPixelPhaseEncode": 16.846,
  "BaseResolution": 106,
  "BodyPartExamined": "BRAIN",
  "CoilCombinationMethod": "Sum of Squares",
  "ConsistencyInfo": "N4_VE11C_LATEST_20160120",
  "ConversionSoftware": "dcm2niix",
  "ConversionSoftwareVersion": "v1.0.20220720",
  "DerivedVendorReportedEchoSpacing": 0.000560012,
  "DeviceSerialNumber": "166108",
  "DwellTime": 1.8e-06,
  "EchoTime": 0.0352,
  "EchoTrainLength": 106,
  "EffectiveEchoSpacing": 0.000560012,
  "FlipAngle": 60,
  "HeudiconvVersion": "1.3.0",
  "ImageComments": "Unaliased MB4/PE3/LB",
  "ImageOrientationPatientDICOM": [1, 0, 0, 0, 1, 0],
  "ImageOrientationText": "Tra",
  "ImageType": [
    "ORIGINAL",
    "PRIMARY",
    "M",
    "MB",
    "ND",
    "MOSAIC"
],
  "ImagingFrequency": 123.244,
  "InPlanePhaseEncodingDirectionDICOM": "COL",
  "InstitutionAddress": "Bedford Way 26,London,London,GB,WC1H 0AP",
  "InstitutionName": "University College",
  "InstitutionalDepartmentName": "Department",
  "MRAcquisitionType": "2D",
  "MagneticFieldStrength": 3,
  "Manufacturer": "Siemens",
  "ManufacturersModelName": "Prisma",
  "MatrixCoilMode": "SENSE",
  "Modality": "MR",
  "MultibandAccelerationFactor": 4,
  "NonlinearGradientCorrection": false,
  "PartialFourier": 1,
  "PatientPosition": "HFS",
  "PercentPhaseFOV": 100,
  "PercentSampling": 100,
  "PhaseEncodingDirection": "j-",
  "PhaseEncodingSteps": 106,
  "PhaseResolution": 1,
  "PixelBandwidth": 2620,
  "ProcedureStepDescription": "Egor^MovieProject2",
  "ProtocolName": "task-backtothefuture_run-2",
  "PulseSequenceDetails": "%CustomerSeq%\\cmrr_mbep2d_bold",
  "ReceiveCoilActiveElements": "HEA;HEP",
  "ReceiveCoilName": "Head_32",
  "ReconMatrixPE": 106,
  "RepetitionTime": 1.5,
  "SAR": 0.0733621,
  "ScanOptions": "FS\\EXT",
  "ScanningSequence": "EP",
  "SequenceName": "epfid2d1_106",
  "SequenceVariant": "SK\\SS",
  "SeriesDescription": "task-backtothefuture_run-2",
  "SeriesNumber": 7,
  "ShimSetting": [-1581, 614, 7424, 539, -150, 201, 164, -9],
  "SliceThickness": 2,
  "SliceTiming": [0, 1.07, 0.6575, 0.2475, 1.315, 0.905, 0.4925, 0.0825, 1.1525, 0.74, 0.33, 1.3975, 0.9875, 0.575, 0.165, 1.2325, 0.8225, 0.4125, 0, 1.07, 0.6575, 0.2475, 1.315, 0.905, 0.4925, 0.0825, 1.1525, 0.74, 0.33, 1.3975, 0.9875, 0.575, 0.165, 1.2325, 0.8225, 0.4125, 0, 1.07, 0.6575, 0.2475, 1.315, 0.905, 0.4925, 0.0825, 1.1525, 0.74, 0.33, 1.3975, 0.9875, 0.575, 0.165, 1.2325, 0.8225, 0.4125, 0, 1.07, 0.6575, 0.2475, 1.315, 0.905, 0.4925, 0.0825, 1.1525, 0.74, 0.33, 1.3975, 0.9875, 0.575, 0.165, 1.2325, 0.8225, 0.4125],
  "SoftwareVersions": "syngo MR E11",
  "SpacingBetweenSlices": 2,
  "StationName": "AWP166108",
  "TaskName": "backtothefuture",
  "TotalReadoutTime": 0.0588013,
  "TxRefAmp": 211.111,
  "WipMemBlock": "8d07f42b-1363-44c7-94a3-43190cf2ea2c||Sequence: R016 ve11c/master r/e634e98; Dec 19 2017 11:00:25 by eja",
  "dcmmeta_affine": [
    [-2.0, 0.0, 0.0, 106.0],
    [0.0, 2.0, 0.0, -89.54216766357422],
    [0.0, 0.0, 2.0, -57.14457702636719],
    [0.0, 0.0, 0.0, 1.0]
],
  "dcmmeta_reorient_transform": [
    [0.0, -1.0, 0.0, 105.0],
    [1.0, 0.0, 0.0, 0.0],
    [0.0, 0.0, 1.0, 0.0],
    [0.0, 0.0, 0.0, 1.0]
],
  "dcmmeta_shape": [106, 106, 72, 58],
  "dcmmeta_slice_dim": 2,
  "dcmmeta_version": 0.6,
  "global": {
    "const": {
      "AcquisitionMatrix": [106, 0, 0, 106],
      "AngioFlag": "N",
      "BitsAllocated": 16,
      "BitsStored": 16,
      "BodyPartExamined": "BRAIN",
      "CardiacNumberOfImages": 1,
      "Columns": 954,
      "EchoNumbers": 1,
      "EchoTime": 35.2,
      "EchoTrainLength": 106,
      "FlipAngle": 60.0,
      "HighBit": 15,
      "ImageOrientationPatient": [1.0, 0.0, 0.0, 0.0, 1.0, 0.0],
      "ImagePositionPatient": [-954.0, -968.45783138275, -57.144577026367],
      "ImageType": [
        "ORIGINAL",
        "PRIMARY",
        "M",
        "MB",
        "ND",
        "MOSAIC"
],
      "ImagedNucleus": "1H",
      "ImagingFrequency": 123.243726,
      "InPlanePhaseEncodingDirection": "COL",
      "MRAcquisitionType": "2D",
      "MagneticFieldStrength": 3.0,
      "Manufacturer": "SIEMENS",
      "ManufacturerModelName": "Prisma",
      "Modality": "MR",
      "NominalInterval": 0,
      "NumberOfAverages": 1.0,
      "NumberOfPhaseEncodingSteps": 106,
      "PercentPhaseFieldOfView": 100.0,
      "PercentSampling": 100.0,
      "PerformedProcedureStepStartTime": "142932.556000",
      "PhotometricInterpretation": "MONOCHROME2",
      "PixelBandwidth": 2620.0,
      "PixelRepresentation": 0,
      "PixelSpacing": [2.0, 2.0],
      "ProtocolName": "task-backtothefuture_run-2",
      "RepetitionTime": 1500.0,
      "Rows": 954,
      "SAR": 0.07336211718074,
      "SamplesPerPixel": 1,
      "ScanOptions": [
        "FS",
        "EXT"
],
      "ScanningSequence": "EP",
      "SequenceName": "epfid2d1_106",
      "SequenceVariant": [
        "SK",
        "SS"
],
      "SeriesDescription": "task-backtothefuture_run-2",
      "SeriesNumber": 7,
      "SeriesTime": "154058.137000",
      "SliceLocation": -57.144577026367,
      "SliceThickness": 2.0,
      "SmallestImagePixelValue": 0,
      "SoftwareVersions": "syngo MR E11",
      "SpacingBetweenSlices": 2.0,
      "SpecificCharacterSet": "ISO_IR 100",
      "StudyID": "1",
      "StudyTime": "142932.438000",
      "TransmitCoilName": "Body",
      "VariableFlipAngleFlag": "N",
      "WindowCenterWidthExplanation": "Algo1",
      "dBdt": 0.0},
    "slices": {}
  },
  "time": {
    "samples": {
      "AcquisitionNumber": [1, 2, 3, 4, 5, 6, 7, 8, 9, 10, 11, 12, 13, 14, 15, 16, 17, 18, 19, 20, 21, 22, 23, 24, 25, 26, 27, 28, 29, 30, 31, 32, 33, 34, 35, 36, 37, 38, 39, 40, 41, 42, 43, 44, 45, 46, 47, 48, 49, 50, 51, 52, 53, 54, 55, 56, 57, 58],
      "AcquisitionTime": ["154012.167500", "154013.667500", "154015.167500", "154016.667500", "154018.167500", "154019.667500", "154021.167500", "154022.667500", "154024.167500", "154025.667500", "154027.167500", "154028.667500", "154030.167500", "154031.667500", "154033.167500", "154034.667500", "154036.167500", "154037.667500", "154039.167500", "154040.667500", "154042.167500", "154043.667500", "154045.167500", "154046.667500", "154048.167500", "154049.667500", "154051.167500", "154052.667500", "154054.167500", "154055.667500", "154057.167500", "154058.667500", "154100.167500", "154101.667500", "154103.167500", "154104.667500", "154106.167500", "154107.667500", "154109.167500", "154110.667500", "154112.167500", "154113.667500", "154115.167500", "154116.667500", "154118.167500", "154119.667500", "154121.167500", "154122.667500", "154124.167500", "154125.667500", "154127.167500", "154128.667500", "154130.167500", "154131.667500", "154133.167500", "154134.667500", "154136.167500", "154137.667500"],
      "ContentTime": ["154058.140000", "154058.143000", "154058.146000", "154058.148000", "154058.151000", "154058.154000", "154058.156000", "154058.159000", "154058.162000", "154058.165000", "154058.167000", "154058.170000", "154058.173000", "154058.176000", "154058.178000", "154058.181000", "154058.184000", "154058.187000", "154058.189000", "154058.192000", "154058.195000", "154058.198000", "154058.200000", "154058.203000", "154058.206000", "154058.208000", "154058.211000", "154058.214000", "154138.099000", "154138.102000", "154138.104000", "154138.107000", "154138.110000", "154138.114000", "154138.116000", "154138.119000", "154138.122000", "154138.125000", "154138.128000", "154138.130000", "154138.133000", "154138.136000", "154138.138000", "154138.141000", "154138.148000", "154138.151000", "154138.154000", "154138.156000", "154138.159000", "154138.162000", "154138.164000", "154138.167000", "154138.170000", "154138.173000", "154138.176000", "154138.188000", "154141.113000", "154141.116000"],
      "InstanceCreationTime": ["154058.140000", "154058.143000", "154058.146000", "154058.148000", "154058.151000", "154058.154000", "154058.156000", "154058.159000", "154058.162000", "154058.165000", "154058.167000", "154058.170000", "154058.173000", "154058.176000", "154058.178000", "154058.181000", "154058.184000", "154058.187000", "154058.189000", "154058.192000", "154058.195000", "154058.198000", "154058.200000", "154058.203000", "154058.206000", "154058.208000", "154058.211000", "154058.214000", "154138.099000", "154138.102000", "154138.104000", "154138.107000", "154138.110000", "154138.114000", "154138.116000", "154138.119000", "154138.122000", "154138.125000", "154138.128000", "154138.130000", "154138.133000", "154138.136000", "154138.138000", "154138.141000", "154138.148000", "154138.151000", "154138.154000", "154138.156000", "154138.159000", "154138.162000", "154138.164000", "154138.167000", "154138.170000", "154138.173000", "154138.176000", "154138.188000", "154141.113000", "154141.116000"],
      "InstanceNumber": [1, 2, 3, 4, 5, 6, 7, 8, 9, 10, 11, 12, 13, 14, 15, 16, 17, 18, 19, 20, 21, 22, 23, 24, 25, 26, 27, 28, 29, 30, 31, 32, 33, 34, 35, 36, 37, 38, 39, 40, 41, 42, 43, 44, 45, 46, 47, 48, 49, 50, 51, 52, 53, 54, 55, 56, 57, 58],
      "LargestImagePixelValue": [12897, 12181, 12314, 12263, 12343, 12292, 12245, 12272, 11912, 11968, 11881, 12043, 12198, 12280, 12173, 12241, 12014, 11884, 11805, 12251, 12315, 12446, 12285, 12129, 12368, 12318, 12207, 12197, 12166, 12016, 12134, 12336, 12759, 12424, 11989, 12393, 12922, 12881, 12463, 12398, 12231, 12343, 12087, 11975, 11996, 12086, 12190, 12297, 12000, 12634, 12061, 11885, 12188, 12016, 12029, 11516, 11948, 12210],
      "TriggerTime": [10610.0, 12110.0, 13610.0, 15110.0, 16610.0, 18110.0, 19610.0, 21110.0, 22610.0, 24110.0, 25610.0, 27110.0, 28610.0, 30110.0, 31610.0, 33110.0, 34610.0, 36110.0, 37610.0, 39110.0, 40610.0, 42110.0, 43610.0, 45110.0, 46610.0, 48110.0, 49610.0, 51110.0, 52610.0, 54110.0, 55610.0, 57110.0, 58610.0, 60110.0, 61610.0, 63110.0, 64610.0, 66110.0, 67610.0, 69110.0, 70610.0, 72110.0, 73610.0, 75110.0, 76610.0, 78110.0, 79610.0, 81110.0, 82610.0, 84110.0, 85610.0, 87110.0, 88610.0, 90110.0, 91610.0, 93110.0, 94610.0, 96110.0],
      "WindowCenter": [4281.0, 4269.0, 4241.0, 4240.0, 4242.0, 4242.0, 4229.0, 4229.0, 4228.0, 4231.0, 4243.0, 4242.0, 4241.0, 4229.0, 4228.0, 4228.0, 4228.0, 4231.0, 4242.0, 4253.0, 4242.0, 4254.0, 4257.0, 4256.0, 4267.0, 4256.0, 4256.0, 4267.0, 4254.0, 4241.0, 4266.0, 4279.0, 4292.0, 4294.0, 4270.0, 4280.0, 4280.0, 4276.0, 4265.0, 4265.0, 4253.0, 4240.0, 4228.0, 4214.0, 4200.0, 4200.0, 4210.0, 4223.0, 4225.0, 4252.0, 4252.0, 4244.0, 4241.0, 4241.0, 4240.0, 4229.0, 4228.0, 4238.0],
      "WindowWidth": [9545.0, 9523.0, 9471.0, 9468.0, 9475.0, 9472.0, 9449.0, 9450.0, 9449.0, 9457.0, 9477.0, 9474.0, 9472.0, 9452.0, 9447.0, 9445.0, 9448.0, 9458.0, 9477.0, 9493.0, 9477.0, 9497.0, 9506.0, 9504.0, 9523.0, 9508.0, 9507.0, 9524.0, 9500.0, 9475.0, 9522.0, 9549.0, 9571.0, 9574.0, 9534.0, 9552.0, 9551.0, 9539.0, 9521.0, 9519.0, 9499.0, 9475.0, 9451.0, 9421.0, 9396.0, 9398.0, 9412.0, 9434.0, 9443.0, 9492.0, 9495.0, 9487.0, 9479.0, 9478.0, 9477.0, 9460.0, 9457.0, 9470.0]
    },
    "slices": {}
  }
}