{
    "AcquisitionMatrixPE": 106,
    "AcquisitionNumber": 1,
    "AcquisitionTime": "12:47:56.012500",
    "BandwidthPerPixelPhaseEncode": 16.846,
    "BaseResolution": 106,
    "BodyPartExamined": "BRAIN",
    "CoilCombinationMethod": "Sum of Squares",
    "ConsistencyInfo": "N4_VE11C_LATEST_20160120",
    "ConversionSoftware": "dcm2niix",
    "ConversionSoftwareVersion": "v1.0.20220720",
    "DerivedVendorReportedEchoSpacing": 0.000560012,
    "DeviceSerialNumber": "166108",
    "DwellTime": 1.8e-06,
    "EchoTime": 0.0352,
    "EchoTrainLength": 106,
    "EffectiveEchoSpacing": 0.000560012,
    "FlipAngle": 60,
    "HeudiconvVersion": "1.3.0",
    "ImageComments": "Unaliased MB4/PE3/LB",
    "ImageOrientationPatientDICOM": [
        1,
        0,
        0,
        0,
        1,
        0
    ],
    "ImageOrientationText": "Tra",
    "ImageType": [
        "ORIGINAL",
        "PRIMARY",
        "M",
        "MB",
        "ND",
        "MOSAIC"
    ],
    "ImagingFrequency": 123.244,
    "InPlanePhaseEncodingDirectionDICOM": "COL",
    "InstitutionAddress": "Bedford Way 26,London,London,GB,WC1H 0AP",
    "InstitutionName": "University College",
    "InstitutionalDepartmentName": "Department",
    "MRAcquisitionType": "2D",
    "MagneticFieldStrength": 3,
    "Manufacturer": "Siemens",
    "ManufacturersModelName": "Prisma",
    "MatrixCoilMode": "SENSE",
    "Modality": "MR",
    "MultibandAccelerationFactor": 4,
    "NonlinearGradientCorrection": false,
    "PartialFourier": 1,
    "PatientPosition": "HFS",
    "PercentPhaseFOV": 100,
    "PercentSampling": 100,
    "PhaseEncodingDirection": "j",
    "PhaseEncodingSteps": 106,
    "PhaseResolution": 1,
    "PixelBandwidth": 2620,
    "ProcedureStepDescription": "Egor^MovieProject2",
    "ProtocolName": "task-backtothefuture_run-1_PErev",
    "PulseSequenceDetails": "%CustomerSeq%\\cmrr_mbep2d_bold",
    "ReceiveCoilActiveElements": "HEA;HEP",
    "ReceiveCoilName": "Head_32",
    "ReconMatrixPE": 106,
    "RepetitionTime": 1.5,
    "SAR": 0.0497082,
    "ScanOptions": "FS\\EXT",
    "ScanningSequence": "EP",
    "SequenceName": "epfid2d1_106",
    "SequenceVariant": "SK\\SS",
    "SeriesDescription": "task-backtothefuture_run-1_PErev",
    "SeriesNumber": 13,
    "ShimSetting": [
        -1588,
        645,
        7386,
        258,
        -51,
        15,
        25,
        -12
    ],
    "SliceThickness": 2,
    "SliceTiming": [
        0,
        1.0675,
        0.6575,
        0.245,
        1.315,
        0.9025,
        0.4925,
        0.08,
        1.15,
        0.74,
        0.3275,
        1.3975,
        0.985,
        0.575,
        0.1625,
        1.2325,
        0.82,
        0.41,
        0,
        1.0675,
        0.6575,
        0.245,
        1.315,
        0.9025,
        0.4925,
        0.08,
        1.15,
        0.74,
        0.3275,
        1.3975,
        0.985,
        0.575,
        0.1625,
        1.2325,
        0.82,
        0.41,
        0,
        1.0675,
        0.6575,
        0.245,
        1.315,
        0.9025,
        0.4925,
        0.08,
        1.15,
        0.74,
        0.3275,
        1.3975,
        0.985,
        0.575,
        0.1625,
        1.2325,
        0.82,
        0.41,
        0,
        1.0675,
        0.6575,
        0.245,
        1.315,
        0.9025,
        0.4925,
        0.08,
        1.15,
        0.74,
        0.3275,
        1.3975,
        0.985,
        0.575,
        0.1625,
        1.2325,
        0.82,
        0.41
    ],
    "SoftwareVersions": "syngo MR E11",
    "SpacingBetweenSlices": 2,
    "StationName": "AWP166108",
    "TotalReadoutTime": 0.0588013,
    "TxRefAmp": 217.919,
    "WipMemBlock": "137ec718-523e-4b84-9f24-07646c52e698||Sequence: R016 ve11c/master r/e634e98; Dec 19 2017 11:00:25 by eja",
    "dcmmeta_affine": [
        [
            -2.0,
            0.0,
            0.0,
            106.0
        ],
        [
            0.0,
            2.0,
            0.0,
            -73.8795166015625
        ],
        [
            0.0,
            0.0,
            2.0,
            -64.97590637207031
        ],
        [
            0.0,
            0.0,
            0.0,
            1.0
        ]
    ],
    "dcmmeta_reorient_transform": [
        [
            0.0,
            -1.0,
            0.0,
            105.0
        ],
        [
            1.0,
            0.0,
            0.0,
            0.0
        ],
        [
            0.0,
            0.0,
            1.0,
            0.0
        ],
        [
            0.0,
            0.0,
            0.0,
            1.0
        ]
    ],
    "dcmmeta_shape": [
        106,
        106,
        72,
        4
    ],
    "dcmmeta_slice_dim": 2,
    "dcmmeta_version": 0.6,
    "global": {
        "const": {
            "AcquisitionMatrix": [
                106,
                0,
                0,
                106
            ],
            "AngioFlag": "N",
            "BitsAllocated": 16,
            "BitsStored": 16,
            "BodyPartExamined": "BRAIN",
            "CardiacNumberOfImages": 1,
            "Columns": 954,
            "EchoNumbers": 1,
            "EchoTime": 35.2,
            "EchoTrainLength": 106,
            "FlipAngle": 60.0,
            "HighBit": 15,
            "ImageOrientationPatient": [
                1.0,
                0.0,
                0.0,
                0.0,
                1.0,
                0.0
            ],
            "ImagePositionPatient": [
                -954.0,
                -984.12048149109,
                -64.97590637207
            ],
            "ImageType": [
                "ORIGINAL",
                "PRIMARY",
                "M",
                "MB",
                "ND",
                "MOSAIC"
            ],
            "ImagedNucleus": "1H",
            "ImagingFrequency": 123.243685,
            "InPlanePhaseEncodingDirection": "COL",
            "MRAcquisitionType": "2D",
            "MagneticFieldStrength": 3.0,
            "Manufacturer": "SIEMENS",
            "ManufacturerModelName": "Prisma",
            "Modality": "MR",
            "NominalInterval": 0,
            "NumberOfAverages": 1.0,
            "NumberOfPhaseEncodingSteps": 106,
            "PercentPhaseFieldOfView": 100.0,
            "PercentSampling": 100.0,
            "PerformedProcedureStepStartTime": "111804.072000",
            "PhotometricInterpretation": "MONOCHROME2",
            "PixelBandwidth": 2620.0,
            "PixelRepresentation": 0,
            "PixelSpacing": [
                2.0,
                2.0
            ],
            "ProtocolName": "task-backtothefuture_run-1_PErev",
            "RepetitionTime": 1500.0,
            "Rows": 954,
            "SAR": 0.04970821824168,
            "SamplesPerPixel": 1,
            "ScanOptions": [
                "FS",
                "EXT"
            ],
            "ScanningSequence": "EP",
            "SequenceName": "epfid2d1_106",
            "SequenceVariant": [
                "SK",
                "SS"
            ],
            "SeriesDescription": "task-backtothefuture_run-1_PErev",
            "SeriesNumber": 13,
            "SeriesTime": "124825.897000",
            "SliceLocation": -64.97590637207,
            "SliceThickness": 2.0,
            "SmallestImagePixelValue": 0,
            "SoftwareVersions": "syngo MR E11",
            "SpacingBetweenSlices": 2.0,
            "SpecificCharacterSet": "ISO_IR 100",
            "StudyID": "1",
            "StudyTime": "111804.018000",
            "TransmitCoilName": "Body",
            "VariableFlipAngleFlag": "N",
            "WindowCenterWidthExplanation": "Algo1",
            "dBdt": 0.0
        },
        "slices": {}
    },
    "time": {
        "samples": {
            "AcquisitionNumber": [
                1,
                2,
                3,
                4
            ],
            "AcquisitionTime": [
                "124756.012500",
                "124757.512500",
                "124759.012500",
                "124800.512500"
            ],
            "ContentTime": [
                "124825.900000",
                "124825.907000",
                "124825.913000",
                "124825.916000"
            ],
            "InstanceCreationTime": [
                "124825.900000",
                "124825.907000",
                "124825.913000",
                "124825.916000"
            ],
            "InstanceNumber": [
                1,
                2,
                3,
                4
            ],
            "LargestImagePixelValue": [
                16943,
                15590,
                15986,
                15500
            ],
            "TriggerTime": [
                10607.5,
                12107.5,
                13607.5,
                15107.5
            ],
            "WindowCenter": [
                4632.0,
                4599.0,
                4597.0,
                4563.0
            ],
            "WindowWidth": [
                10295.0,
                10241.0,
                10233.0,
                10174.0
            ]
        },
        "slices": {}
    },
    "IntendedFor": [
        "ses-001/func/sub-12_ses-001_task-backtothefuture_run-001_bold.nii.gz"
    ]
}