{
  "AcquisitionMatrixPE": 106,
  "AcquisitionNumber": 1,
  "AcquisitionTime": "12:13:6.847500",
  "BandwidthPerPixelPhaseEncode": 16.846,
  "BaseResolution": 106,
  "BodyPartExamined": "BRAIN",
  "CoilCombinationMethod": "Sum of Squares",
  "ConsistencyInfo": "N4_VE11C_LATEST_20160120",
  "ConversionSoftware": "dcm2niix",
  "ConversionSoftwareVersion": "v1.0.20220720",
  "DerivedVendorReportedEchoSpacing": 0.000560012,
  "DeviceSerialNumber": "166108",
  "DwellTime": 1.8e-06,
  "EchoTime": 0.0352,
  "EchoTrainLength": 106,
  "EffectiveEchoSpacing": 0.000560012,
  "FlipAngle": 60,
  "HeudiconvVersion": "1.3.0",
  "ImageComments": "Unaliased MB4/PE3/LB",
  "ImageOrientationPatientDICOM": [1, 0, 0, 0, 1, 0],
  "ImageOrientationText": "Tra",
  "ImageType": [
    "ORIGINAL",
    "PRIMARY",
    "M",
    "MB",
    "ND",
    "MOSAIC"
],
  "ImagingFrequency": 123.244,
  "InPlanePhaseEncodingDirectionDICOM": "COL",
  "InstitutionAddress": "Bedford Way 26,London,London,GB,WC1H 0AP",
  "InstitutionName": "University College",
  "InstitutionalDepartmentName": "Department",
  "MRAcquisitionType": "2D",
  "MagneticFieldStrength": 3,
  "Manufacturer": "Siemens",
  "ManufacturersModelName": "Prisma",
  "MatrixCoilMode": "SENSE",
  "Modality": "MR",
  "MultibandAccelerationFactor": 4,
  "NonlinearGradientCorrection": false,
  "PartialFourier": 1,
  "PatientPosition": "HFS",
  "PercentPhaseFOV": 100,
  "PercentSampling": 100,
  "PhaseEncodingDirection": "j-",
  "PhaseEncodingSteps": 106,
  "PhaseResolution": 1,
  "PixelBandwidth": 2620,
  "ProcedureStepDescription": "Egor^MovieProject2",
  "ProtocolName": "task-backtothefuture_run-2",
  "PulseSequenceDetails": "%CustomerSeq%\\cmrr_mbep2d_bold",
  "ReceiveCoilActiveElements": "HEA;HEP",
  "ReceiveCoilName": "Head_32",
  "ReconMatrixPE": 106,
  "RepetitionTime": 1.5,
  "SAR": 0.0702335,
  "ScanOptions": "FS\\EXT",
  "ScanningSequence": "EP",
  "SequenceName": "epfid2d1_106",
  "SequenceVariant": "SK\\SS",
  "SeriesDescription": "task-backtothefuture_run-2",
  "SeriesNumber": 14,
  "ShimSetting": [-1563, 594, 7495, 561, 275, 74, 16, 56],
  "SliceThickness": 2,
  "SliceTiming": [0, 1.07, 0.66, 0.2475, 1.3175, 0.905, 0.495, 0.0825, 1.1525, 0.74, 0.33, 1.4, 0.9875, 0.5775, 0.165, 1.235, 0.8225, 0.4125, 0, 1.07, 0.66, 0.2475, 1.3175, 0.905, 0.495, 0.0825, 1.1525, 0.74, 0.33, 1.4, 0.9875, 0.5775, 0.165, 1.235, 0.8225, 0.4125, 0, 1.07, 0.66, 0.2475, 1.3175, 0.905, 0.495, 0.0825, 1.1525, 0.74, 0.33, 1.4, 0.9875, 0.5775, 0.165, 1.235, 0.8225, 0.4125, 0, 1.07, 0.66, 0.2475, 1.3175, 0.905, 0.495, 0.0825, 1.1525, 0.74, 0.33, 1.4, 0.9875, 0.5775, 0.165, 1.235, 0.8225, 0.4125],
  "SoftwareVersions": "syngo MR E11",
  "SpacingBetweenSlices": 2,
  "StationName": "AWP166108",
  "TaskName": "backtothefuture",
  "TotalReadoutTime": 0.0588013,
  "TxRefAmp": 217.698,
  "WipMemBlock": "4a8e99c9-84ff-471d-9bf6-c3ce5195d9ad||Sequence: R016 ve11c/master r/e634e98; Dec 19 2017 11:00:25 by eja",
  "dcmmeta_affine": [
    [-2.0, 0.0, 0.0, 106.0],
    [0.0, 2.0, 0.0, -92.55421447753906],
    [0.0, 0.0, 2.0, -63.16867446899414],
    [0.0, 0.0, 0.0, 1.0]
],
  "dcmmeta_reorient_transform": [
    [0.0, -1.0, 0.0, 105.0],
    [1.0, 0.0, 0.0, 0.0],
    [0.0, 0.0, 1.0, 0.0],
    [0.0, 0.0, 0.0, 1.0]
],
  "dcmmeta_shape": [106, 106, 72, 46],
  "dcmmeta_slice_dim": 2,
  "dcmmeta_version": 0.6,
  "global": {
    "const": {
      "AcquisitionMatrix": [106, 0, 0, 106],
      "AngioFlag": "N",
      "BitsAllocated": 16,
      "BitsStored": 16,
      "BodyPartExamined": "BRAIN",
      "CardiacNumberOfImages": 1,
      "Columns": 954,
      "EchoNumbers": 1,
      "EchoTime": 35.2,
      "EchoTrainLength": 106,
      "FlipAngle": 60.0,
      "HighBit": 15,
      "ImageOrientationPatient": [1.0, 0.0, 0.0, 0.0, 1.0, 0.0],
      "ImagePositionPatient": [-954.0, -965.44578266144, -63.168674468994],
      "ImageType": [
        "ORIGINAL",
        "PRIMARY",
        "M",
        "MB",
        "ND",
        "MOSAIC"
],
      "ImagedNucleus": "1H",
      "ImagingFrequency": 123.243696,
      "InPlanePhaseEncodingDirection": "COL",
      "MRAcquisitionType": "2D",
      "MagneticFieldStrength": 3.0,
      "Manufacturer": "SIEMENS",
      "ManufacturerModelName": "Prisma",
      "Modality": "MR",
      "NominalInterval": 0,
      "NumberOfAverages": 1.0,
      "NumberOfPhaseEncodingSteps": 106,
      "PercentPhaseFieldOfView": 100.0,
      "PercentSampling": 100.0,
      "PerformedProcedureStepStartTime": "102113.563000",
      "PhotometricInterpretation": "MONOCHROME2",
      "PixelBandwidth": 2620.0,
      "PixelRepresentation": 0,
      "PixelSpacing": [2.0, 2.0],
      "ProtocolName": "task-backtothefuture_run-2",
      "RepetitionTime": 1500.0,
      "Rows": 954,
      "SAR": 0.07023352744148,
      "SamplesPerPixel": 1,
      "ScanOptions": [
        "FS",
        "EXT"
],
      "ScanningSequence": "EP",
      "SequenceName": "epfid2d1_106",
      "SequenceVariant": [
        "SK",
        "SS"
],
      "SeriesDescription": "task-backtothefuture_run-2",
      "SeriesNumber": 14,
      "SeriesTime": "121348.058000",
      "SliceLocation": -63.168674468994,
      "SliceThickness": 2.0,
      "SmallestImagePixelValue": 0,
      "SoftwareVersions": "syngo MR E11",
      "SpacingBetweenSlices": 1.9999999462719,
      "SpecificCharacterSet": "ISO_IR 100",
      "StudyID": "1",
      "StudyTime": "102113.505000",
      "TransmitCoilName": "Body",
      "VariableFlipAngleFlag": "N",
      "WindowCenterWidthExplanation": "Algo1",
      "dBdt": 0.0},
    "slices": {}
  },
  "time": {
    "samples": {
      "AcquisitionNumber": [1, 2, 3, 4, 5, 6, 7, 8, 9, 10, 11, 12, 13, 14, 15, 16, 17, 18, 19, 20, 21, 22, 23, 24, 25, 26, 27, 28, 29, 30, 31, 32, 33, 34, 35, 36, 37, 38, 39, 40, 41, 42, 43, 44, 45, 46],
      "AcquisitionTime": ["121306.847500", "121308.347500", "121309.847500", "121311.347500", "121312.847500", "121314.347500", "121315.847500", "121317.347500", "121318.847500", "121320.347500", "121321.847500", "121323.347500", "121324.847500", "121326.347500", "121327.847500", "121329.347500", "121330.847500", "121332.347500", "121333.847500", "121335.347500", "121336.847500", "121338.347500", "121339.847500", "121341.347500", "121342.847500", "121344.347500", "121345.847500", "121347.347500", "121348.847500", "121350.347500", "121351.847500", "121353.347500", "121354.847500", "121356.347500", "121357.847500", "121359.347500", "121400.847500", "121402.347500", "121403.847500", "121405.347500", "121406.847500", "121408.347500", "121409.847500", "121411.347500", "121412.847500", "121414.347500"],
      "ContentTime": ["121348.061000", "121348.064000", "121348.067000", "121348.069000", "121348.072000", "121348.075000", "121348.078000", "121348.081000", "121348.084000", "121348.087000", "121348.089000", "121348.092000", "121348.095000", "121348.099000", "121348.102000", "121348.104000", "121348.107000", "121348.110000", "121348.113000", "121348.123000", "121348.126000", "121348.129000", "121416.640000", "121416.645000", "121416.649000", "121416.652000", "121416.655000", "121416.658000", "121416.665000", "121416.668000", "121416.671000", "121416.674000", "121416.677000", "121416.679000", "121416.682000", "121416.685000", "121416.688000", "121416.691000", "121416.694000", "121416.696000", "121416.699000", "121416.702000", "121416.705000", "121416.708000", "121416.712000", "121416.715000"],
      "InstanceCreationTime": ["121348.061000", "121348.064000", "121348.067000", "121348.069000", "121348.072000", "121348.075000", "121348.078000", "121348.081000", "121348.084000", "121348.087000", "121348.089000", "121348.092000", "121348.095000", "121348.099000", "121348.102000", "121348.104000", "121348.107000", "121348.110000", "121348.113000", "121348.123000", "121348.126000", "121348.129000", "121416.640000", "121416.645000", "121416.649000", "121416.652000", "121416.655000", "121416.658000", "121416.665000", "121416.668000", "121416.671000", "121416.674000", "121416.677000", "121416.679000", "121416.682000", "121416.685000", "121416.688000", "121416.691000", "121416.694000", "121416.696000", "121416.699000", "121416.702000", "121416.705000", "121416.708000", "121416.712000", "121416.715000"],
      "InstanceNumber": [1, 2, 3, 4, 5, 6, 7, 8, 9, 10, 11, 12, 13, 14, 15, 16, 17, 18, 19, 20, 21, 22, 23, 24, 25, 26, 27, 28, 29, 30, 31, 32, 33, 34, 35, 36, 37, 38, 39, 40, 41, 42, 43, 44, 45, 46],
      "LargestImagePixelValue": [10687, 10368, 10467, 10232, 10109, 10029, 10208, 10095, 10086, 10155, 10064, 10257, 10066, 10138, 10142, 10087, 10018, 10011, 10529, 10220, 10175, 10041, 10208, 10055, 10208, 10328, 10012, 10343, 10158, 10199, 10036, 10312, 9916, 10107, 10311, 10172, 10166, 10241, 9939, 10071, 10365, 9920, 10019, 10252, 9887, 10022],
      "TriggerTime": [10607.5, 12107.5, 13607.5, 15107.5, 16607.5, 18107.5, 19607.5, 21107.5, 22607.5, 24107.5, 25607.5, 27107.5, 28607.5, 30107.5, 31607.5, 33107.5, 34607.5, 36107.5, 37607.5, 39107.5, 40607.5, 42107.5, 43607.5, 45107.5, 46607.5, 48107.5, 49607.5, 51107.5, 52607.5, 54107.5, 55607.5, 57107.5, 58607.5, 60107.5, 61607.5, 63107.5, 64607.5, 66107.5, 67607.5, 69107.5, 70607.5, 72107.5, 73607.5, 75107.5, 76607.5, 78107.5],
      "WindowCenter": [3743.0, 3729.0, 3737.0, 3726.0, 3725.0, 3715.0, 3738.0, 3739.0, 3740.0, 3739.0, 3740.0, 3753.0, 3755.0, 3754.0, 3753.0, 3741.0, 3728.0, 3715.0, 3723.0, 3724.0, 3737.0, 3727.0, 3724.0, 3712.0, 3723.0, 3724.0, 3714.0, 3723.0, 3722.0, 3724.0, 3726.0, 3737.0, 3725.0, 3725.0, 3726.0, 3726.0, 3726.0, 3737.0, 3728.0, 3728.0, 3738.0, 3728.0, 3739.0, 3740.0, 3728.0, 3728.0],
      "WindowWidth": [8541.0, 8510.0, 8516.0, 8497.0, 8494.0, 8482.0, 8519.0, 8522.0, 8526.0, 8524.0, 8527.0, 8549.0, 8558.0, 8555.0, 8550.0, 8529.0, 8505.0, 8482.0, 8487.0, 8492.0, 8515.0, 8502.0, 8492.0, 8471.0, 8487.0, 8493.0, 8478.0, 8488.0, 8484.0, 8489.0, 8498.0, 8514.0, 8497.0, 8496.0, 8500.0, 8498.0, 8499.0, 8517.0, 8506.0, 8507.0, 8521.0, 8507.0, 8525.0, 8525.0, 8509.0, 8506.0]
    },
    "slices": {}
  }
}