{
  "AcquisitionMatrixPE": 106,
  "AcquisitionNumber": 1,
  "AcquisitionTime": "11:26:8.975000",
  "BandwidthPerPixelPhaseEncode": 16.846,
  "BaseResolution": 106,
  "BodyPartExamined": "BRAIN",
  "CoilCombinationMethod": "Sum of Squares",
  "ConsistencyInfo": "N4_VE11C_LATEST_20160120",
  "ConversionSoftware": "dcm2niix",
  "ConversionSoftwareVersion": "v1.0.20220720",
  "DerivedVendorReportedEchoSpacing": 0.000560012,
  "DeviceSerialNumber": "166108",
  "DwellTime": 1.8e-06,
  "EchoTime": 0.0352,
  "EchoTrainLength": 106,
  "EffectiveEchoSpacing": 0.000560012,
  "FlipAngle": 60,
  "HeudiconvVersion": "1.3.0",
  "ImageComments": "Single-band reference",
  "ImageOrientationPatientDICOM": [1, 0, 0, 0, 0.887011, -0.461749],
  "ImageOrientationText": "Tra>Cor(-27.5)",
  "ImageType": [
    "ORIGINAL",
    "PRIMARY",
    "M",
    "ND",
    "MOSAIC"
],
  "ImagingFrequency": 123.221,
  "InPlanePhaseEncodingDirectionDICOM": "COL",
  "InstitutionAddress": "Bedford Way 26,London,London,GB,WC1H 0AP",
  "InstitutionName": "University College",
  "InstitutionalDepartmentName": "Department",
  "MRAcquisitionType": "2D",
  "MagneticFieldStrength": 3,
  "Manufacturer": "Siemens",
  "ManufacturersModelName": "Prisma",
  "MatrixCoilMode": "SENSE",
  "Modality": "MR",
  "NonlinearGradientCorrection": false,
  "PartialFourier": 1,
  "PatientPosition": "HFS",
  "PercentPhaseFOV": 100,
  "PercentSampling": 100,
  "PhaseEncodingDirection": "j-",
  "PhaseEncodingSteps": 106,
  "PhaseResolution": 1,
  "PixelBandwidth": 2620,
  "ProcedureStepDescription": "Egor^MovieProject2",
  "ProtocolName": "task-backtothefuture_run-2",
  "PulseSequenceDetails": "%CustomerSeq%\\cmrr_mbep2d_bold",
  "ReceiveCoilActiveElements": "HEA;HEP",
  "ReceiveCoilName": "Head_32",
  "ReconMatrixPE": 106,
  "RepetitionTime": 1.5,
  "SAR": 0.0638048,
  "ScanOptions": "FS\\EXT",
  "ScanningSequence": "EP",
  "SequenceName": "epfid2d1_106",
  "SequenceVariant": "SK\\SS",
  "SeriesDescription": "task-backtothefuture_run-2_SBRef",
  "SeriesNumber": 7,
  "ShimSetting": [-1563, 603, 7509, 403, 51, 43, 66, 5],
  "SliceThickness": 2,
  "SliceTiming": [0, 0.0825, 0.165, 0.2475, 0.33, 0.4125, 0.495, 0.575, 0.6575, 0.74, 0.8225, 0.905, 0.9875, 1.07, 1.1525, 1.235, 1.315, 1.3975, 1.48, 1.5625, 1.645, 1.7275, 1.81, 1.8925, 1.975, 2.055, 2.1375, 2.22, 2.3025, 2.385, 2.4675, 2.55, 2.6325, 2.715, 2.795, 2.8775, 2.96, 3.0425, 3.125, 3.2075, 3.29, 3.3725, 3.455, 3.535, 3.6175, 3.7, 3.7825, 3.865, 3.9475, 4.03, 4.1125, 4.195, 4.275, 4.3575, 4.44, 4.5225, 4.605, 4.6875, 4.77, 4.8525, 4.935, 5.015, 5.0975, 5.18, 5.2625, 5.345, 5.4275, 5.51, 5.5925, 5.675, 5.755, 5.8375],
  "SoftwareVersions": "syngo MR E11",
  "SpacingBetweenSlices": 2,
  "StationName": "AWP166108",
  "TaskName": "backtothefuture",
  "TotalReadoutTime": 0.0588013,
  "TxRefAmp": 217.74,
  "WipMemBlock": "435e56b6-6c97-498d-947b-1ade9f445884||Sequence: R016 ve11c/master r/e634e98; Dec 19 2017 11:00:25 by eja",
  "dcmmeta_affine": [
    [-2.0, 0.0, 0.0, 106.0],
    [0.0, 1.7740216255187988, -0.923497200012207, -50.82883071899414],
    [0.0, 0.923497200012207, 1.7740216255187988, -95.57794189453125],
    [0.0, 0.0, 0.0, 1.0]
],
  "dcmmeta_reorient_transform": [
    [0.0, -1.0, 0.0, 105.0],
    [1.0, 0.0, 0.0, 0.0],
    [0.0, 0.0, 1.0, 0.0],
    [0.0, 0.0, 0.0, 1.0]
],
  "dcmmeta_shape": [106, 106, 72],
  "dcmmeta_slice_dim": 2,
  "dcmmeta_version": 0.6,
  "global": {
    "const": {
      "AcquisitionMatrix": [106, 0, 0, 106],
      "AcquisitionNumber": 1,
      "AcquisitionTime": "112608.975000",
      "AngioFlag": "N",
      "BitsAllocated": 16,
      "BitsStored": 16,
      "BodyPartExamined": "BRAIN",
      "CardiacNumberOfImages": 1,
      "Columns": 954,
      "ContentTime": "112708.195000",
      "EchoNumbers": 1,
      "EchoTime": 35.2,
      "EchoTrainLength": 106,
      "FlipAngle": 60.0,
      "HighBit": 15,
      "ImageOrientationPatient": [1.0, 0.0, 0.0, 0.0, 0.88701083613109, -0.4617486075626],
      "ImagePositionPatient": [-954.0, -887.62863338439, 392.95208793555],
      "ImageType": [
        "ORIGINAL",
        "PRIMARY",
        "M",
        "ND",
        "MOSAIC"
],
      "ImagedNucleus": "1H",
      "ImagingFrequency": 123.221328,
      "InPlanePhaseEncodingDirection": "COL",
      "InstanceCreationTime": "112708.195000",
      "InstanceNumber": 1,
      "LargestImagePixelValue": 22470,
      "MRAcquisitionType": "2D",
      "MagneticFieldStrength": 3.0,
      "Manufacturer": "SIEMENS",
      "ManufacturerModelName": "Prisma",
      "Modality": "MR",
      "NominalInterval": 0,
      "NumberOfAverages": 1.0,
      "NumberOfPhaseEncodingSteps": 106,
      "PercentPhaseFieldOfView": 100.0,
      "PercentSampling": 100.0,
      "PerformedProcedureStepStartTime": "101051.226000",
      "PhotometricInterpretation": "MONOCHROME2",
      "PixelBandwidth": 2620.0,
      "PixelRepresentation": 0,
      "PixelSpacing": [2.0, 2.0],
      "ProtocolName": "task-backtothefuture_run-2",
      "RepetitionTime": 1500.0,
      "Rows": 954,
      "SAR": 0.06380484726591,
      "SamplesPerPixel": 1,
      "ScanOptions": [
        "FS",
        "EXT"
],
      "ScanningSequence": "EP",
      "SequenceName": "epfid2d1_106",
      "SequenceVariant": [
        "SK",
        "SS"
],
      "SeriesDescription": "task-backtothefuture_run-2_SBRef",
      "SeriesNumber": 7,
      "SeriesTime": "112708.192000",
      "SliceLocation": -61.308525418793,
      "SliceThickness": 2.0,
      "SmallestImagePixelValue": 0,
      "SoftwareVersions": "syngo MR E11",
      "SpacingBetweenSlices": 1.9999999637191,
      "SpecificCharacterSet": "ISO_IR 100",
      "StudyID": "1",
      "StudyTime": "101051.161000",
      "TransmitCoilName": "Body",
      "TriggerTime": 110.0,
      "VariableFlipAngleFlag": "N",
      "WindowCenter": 5447.0,
      "WindowCenterWidthExplanation": "Algo1",
      "WindowWidth": 12032.0,
      "dBdt": 0.0},
    "slices": {}
  }
}