{
    "AcquisitionMatrixPE": 106,
    "AcquisitionNumber": 1,
    "AcquisitionTime": "12:07:40.120000",
    "BandwidthPerPixelPhaseEncode": 16.846,
    "BaseResolution": 106,
    "BodyPartExamined": "BRAIN",
    "CoilCombinationMethod": "Sum of Squares",
    "ConsistencyInfo": "N4_VE11C_LATEST_20160120",
    "ConversionSoftware": "dcm2niix",
    "ConversionSoftwareVersion": "v1.0.20220720",
    "DerivedVendorReportedEchoSpacing": 0.000560012,
    "DeviceSerialNumber": "166108",
    "DwellTime": 1.8e-06,
    "EchoTime": 0.0352,
    "EchoTrainLength": 106,
    "EffectiveEchoSpacing": 0.000560012,
    "FlipAngle": 60,
    "HeudiconvVersion": "1.3.0",
    "ImageComments": "Unaliased MB4/PE3/LB",
    "ImageOrientationPatientDICOM": [
        1,
        0,
        0,
        0,
        1,
        0
    ],
    "ImageOrientationText": "Tra",
    "ImageType": [
        "ORIGINAL",
        "PRIMARY",
        "M",
        "MB",
        "ND",
        "MOSAIC"
    ],
    "ImagingFrequency": 123.212,
    "InPlanePhaseEncodingDirectionDICOM": "COL",
    "InstitutionAddress": "Bedford Way 26,London,London,GB,WC1H 0AP",
    "InstitutionName": "University College",
    "InstitutionalDepartmentName": "Department",
    "MRAcquisitionType": "2D",
    "MagneticFieldStrength": 3,
    "Manufacturer": "Siemens",
    "ManufacturersModelName": "Prisma",
    "MatrixCoilMode": "SENSE",
    "Modality": "MR",
    "MultibandAccelerationFactor": 4,
    "NonlinearGradientCorrection": false,
    "PartialFourier": 1,
    "PatientPosition": "HFS",
    "PercentPhaseFOV": 100,
    "PercentSampling": 100,
    "PhaseEncodingDirection": "j",
    "PhaseEncodingSteps": 106,
    "PhaseResolution": 1,
    "PixelBandwidth": 2620,
    "ProcedureStepDescription": "Egor^MovieProject2",
    "ProtocolName": "task-backtothefuture_run-3_PErev",
    "PulseSequenceDetails": "%CustomerSeq%\\cmrr_mbep2d_bold",
    "ReceiveCoilActiveElements": "HEA;HEP",
    "ReceiveCoilName": "Head_32",
    "ReconMatrixPE": 106,
    "RepetitionTime": 1.5,
    "SAR": 0.0679593,
    "ScanOptions": "FS\\EXT",
    "ScanningSequence": "EP",
    "SequenceName": "epfid2d1_106",
    "SequenceVariant": "SK\\SS",
    "SeriesDescription": "task-backtothefuture_run-3_PErev",
    "SeriesNumber": 17,
    "ShimSetting": [
        -1576,
        564,
        7421,
        424,
        -10,
        3,
        107,
        -59
    ],
    "SliceThickness": 2,
    "SliceTiming": [
        0,
        1.07,
        0.6575,
        0.2475,
        1.315,
        0.905,
        0.4925,
        0.0825,
        1.1525,
        0.74,
        0.33,
        1.3975,
        0.9875,
        0.575,
        0.165,
        1.2325,
        0.8225,
        0.4125,
        0,
        1.07,
        0.6575,
        0.2475,
        1.315,
        0.905,
        0.4925,
        0.0825,
        1.1525,
        0.74,
        0.33,
        1.3975,
        0.9875,
        0.575,
        0.165,
        1.2325,
        0.8225,
        0.4125,
        0,
        1.07,
        0.6575,
        0.2475,
        1.315,
        0.905,
        0.4925,
        0.0825,
        1.1525,
        0.74,
        0.33,
        1.3975,
        0.9875,
        0.575,
        0.165,
        1.2325,
        0.8225,
        0.4125,
        0,
        1.07,
        0.6575,
        0.2475,
        1.315,
        0.905,
        0.4925,
        0.0825,
        1.1525,
        0.74,
        0.33,
        1.3975,
        0.9875,
        0.575,
        0.165,
        1.2325,
        0.8225,
        0.4125
    ],
    "SoftwareVersions": "syngo MR E11",
    "SpacingBetweenSlices": 2,
    "StationName": "AWP166108",
    "TotalReadoutTime": 0.0588013,
    "TxRefAmp": 230.677,
    "WipMemBlock": "580421a3-9622-404e-acb5-6da9be3cdb02||Sequence: R016 ve11c/master r/e634e98; Dec 19 2017 11:00:25 by eja",
    "dcmmeta_affine": [
        [
            -2.0,
            0.0,
            0.0,
            106.0
        ],
        [
            0.0,
            2.0,
            0.0,
            -85.9277114868164
        ],
        [
            0.0,
            0.0,
            2.0,
            -39.67469787597656
        ],
        [
            0.0,
            0.0,
            0.0,
            1.0
        ]
    ],
    "dcmmeta_reorient_transform": [
        [
            0.0,
            -1.0,
            0.0,
            105.0
        ],
        [
            1.0,
            0.0,
            0.0,
            0.0
        ],
        [
            0.0,
            0.0,
            1.0,
            0.0
        ],
        [
            0.0,
            0.0,
            0.0,
            1.0
        ]
    ],
    "dcmmeta_shape": [
        106,
        106,
        72,
        4
    ],
    "dcmmeta_slice_dim": 2,
    "dcmmeta_version": 0.6,
    "global": {
        "const": {
            "AcquisitionMatrix": [
                106,
                0,
                0,
                106
            ],
            "AngioFlag": "N",
            "BitsAllocated": 16,
            "BitsStored": 16,
            "BodyPartExamined": "BRAIN",
            "CardiacNumberOfImages": 1,
            "Columns": 954,
            "EchoNumbers": 1,
            "EchoTime": 35.2,
            "EchoTrainLength": 106,
            "FlipAngle": 60.0,
            "HighBit": 15,
            "ImageOrientationPatient": [
                1.0,
                0.0,
                0.0,
                0.0,
                1.0,
                0.0
            ],
            "ImagePositionPatient": [
                -954.0,
                -972.07228851318,
                -39.674697875977
            ],
            "ImageType": [
                "ORIGINAL",
                "PRIMARY",
                "M",
                "MB",
                "ND",
                "MOSAIC"
            ],
            "ImagedNucleus": "1H",
            "ImagingFrequency": 123.212142,
            "InPlanePhaseEncodingDirection": "COL",
            "MRAcquisitionType": "2D",
            "MagneticFieldStrength": 3.0,
            "Manufacturer": "SIEMENS",
            "ManufacturerModelName": "Prisma",
            "Modality": "MR",
            "NominalInterval": 0,
            "NumberOfAverages": 1.0,
            "NumberOfPhaseEncodingSteps": 106,
            "PercentPhaseFieldOfView": 100.0,
            "PercentSampling": 100.0,
            "PerformedProcedureStepStartTime": "092906.206000",
            "PhotometricInterpretation": "MONOCHROME2",
            "PixelBandwidth": 2620.0,
            "PixelRepresentation": 0,
            "PixelSpacing": [
                2.0,
                2.0
            ],
            "ProtocolName": "task-backtothefuture_run-3_PErev",
            "RepetitionTime": 1500.0,
            "Rows": 954,
            "SAR": 0.06795925659415,
            "SamplesPerPixel": 1,
            "ScanOptions": [
                "FS",
                "EXT"
            ],
            "ScanningSequence": "EP",
            "SequenceName": "epfid2d1_106",
            "SequenceVariant": [
                "SK",
                "SS"
            ],
            "SeriesDescription": "task-backtothefuture_run-3_PErev",
            "SeriesNumber": 17,
            "SeriesTime": "120810.404000",
            "SliceLocation": -39.674697875977,
            "SliceThickness": 2.0,
            "SmallestImagePixelValue": 0,
            "SoftwareVersions": "syngo MR E11",
            "SpacingBetweenSlices": 2.0,
            "SpecificCharacterSet": "ISO_IR 100",
            "StudyID": "1",
            "StudyTime": "092906.124000",
            "TransmitCoilName": "Body",
            "VariableFlipAngleFlag": "N",
            "WindowCenterWidthExplanation": "Algo1",
            "dBdt": 0.0
        },
        "slices": {}
    },
    "time": {
        "samples": {
            "AcquisitionNumber": [
                1,
                2,
                3,
                4
            ],
            "AcquisitionTime": [
                "120740.120000",
                "120741.620000",
                "120743.120000",
                "120744.620000"
            ],
            "ContentTime": [
                "120810.406000",
                "120810.429000",
                "120810.432000",
                "120810.435000"
            ],
            "InstanceCreationTime": [
                "120810.406000",
                "120810.429000",
                "120810.432000",
                "120810.435000"
            ],
            "InstanceNumber": [
                1,
                2,
                3,
                4
            ],
            "LargestImagePixelValue": [
                21875,
                21249,
                21442,
                21319
            ],
            "TriggerTime": [
                10610.0,
                12110.0,
                13610.0,
                15110.0
            ],
            "WindowCenter": [
                5195.0,
                5171.0,
                5168.0,
                5167.0
            ],
            "WindowWidth": [
                11406.0,
                11359.0,
                11347.0,
                11343.0
            ]
        },
        "slices": {}
    },
    "IntendedFor": [
        "ses-001/func/sub-34_ses-001_task-backtothefuture_run-003_bold.nii.gz"
    ]
}