{
  "AcquisitionMatrixPE": 106,
  "AcquisitionNumber": 1,
  "AcquisitionTime": "14:26:13.025000",
  "BandwidthPerPixelPhaseEncode": 16.846,
  "BaseResolution": 106,
  "BodyPartExamined": "BRAIN",
  "CoilCombinationMethod": "Sum of Squares",
  "ConsistencyInfo": "N4_VE11C_LATEST_20160120",
  "ConversionSoftware": "dcm2niix",
  "ConversionSoftwareVersion": "v1.0.20220720",
  "DerivedVendorReportedEchoSpacing": 0.000560012,
  "DeviceSerialNumber": "166108",
  "DwellTime": 1.8e-06,
  "EchoTime": 0.0352,
  "EchoTrainLength": 106,
  "EffectiveEchoSpacing": 0.000560012,
  "FlipAngle": 60,
  "HeudiconvVersion": "1.3.0",
  "ImageComments": "Single-band reference",
  "ImageOrientationPatientDICOM": [1, 0, 0, 0, 0.887011, -0.461749],
  "ImageOrientationText": "Tra>Cor(-27.5)",
  "ImageType": [
    "ORIGINAL",
    "PRIMARY",
    "M",
    "ND",
    "MOSAIC"
],
  "ImagingFrequency": 123.221,
  "InPlanePhaseEncodingDirectionDICOM": "COL",
  "InstitutionAddress": "Bedford Way 26,London,London,GB,WC1H 0AP",
  "InstitutionName": "University College",
  "InstitutionalDepartmentName": "Department",
  "MRAcquisitionType": "2D",
  "MagneticFieldStrength": 3,
  "Manufacturer": "Siemens",
  "ManufacturersModelName": "Prisma",
  "MatrixCoilMode": "SENSE",
  "Modality": "MR",
  "NonlinearGradientCorrection": false,
  "PartialFourier": 1,
  "PatientPosition": "HFS",
  "PercentPhaseFOV": 100,
  "PercentSampling": 100,
  "PhaseEncodingDirection": "j-",
  "PhaseEncodingSteps": 106,
  "PhaseResolution": 1,
  "PixelBandwidth": 2620,
  "ProcedureStepDescription": "Egor^MovieProject2",
  "ProtocolName": "task-backtothefuture_run-1",
  "PulseSequenceDetails": "%CustomerSeq%\\cmrr_mbep2d_bold",
  "ReceiveCoilActiveElements": "HEA;HEP",
  "ReceiveCoilName": "Head_32",
  "ReconMatrixPE": 106,
  "RepetitionTime": 1.5,
  "SAR": 0.0684751,
  "ScanOptions": "FS\\EXT",
  "ScanningSequence": "EP",
  "SequenceName": "epfid2d1_106",
  "SequenceVariant": "SK\\SS",
  "SeriesDescription": "task-backtothefuture_run-1_SBRef",
  "SeriesNumber": 5,
  "ShimSetting": [-1563, 621, 7521, 542, 167, 176, -95, 13],
  "SliceThickness": 2,
  "SliceTiming": [0, 0.0825, 0.1625, 0.245, 0.3275, 0.41, 0.4925, 0.575, 0.6575, 0.74, 0.8225, 0.9025, 0.985, 1.0675, 1.15, 1.2325, 1.315, 1.3975, 1.48, 1.5625, 1.6425, 1.725, 1.8075, 1.89, 1.9725, 2.055, 2.1375, 2.22, 2.3025, 2.3825, 2.465, 2.5475, 2.63, 2.7125, 2.795, 2.8775, 2.96, 3.0425, 3.1225, 3.205, 3.2875, 3.37, 3.4525, 3.535, 3.6175, 3.7, 3.7825, 3.8625, 3.945, 4.0275, 4.11, 4.1925, 4.275, 4.3575, 4.44, 4.5225, 4.6025, 4.685, 4.7675, 4.85, 4.9325, 5.015, 5.0975, 5.18, 5.2625, 5.3425, 5.425, 5.5075, 5.59, 5.6725, 5.755, 5.8375],
  "SoftwareVersions": "syngo MR E11",
  "SpacingBetweenSlices": 2,
  "StationName": "AWP166108",
  "TaskName": "backtothefuture",
  "TotalReadoutTime": 0.0588013,
  "TxRefAmp": 211.482,
  "WipMemBlock": "15884335-6e0f-4e5d-8173-5e92eb1cee70||Sequence: R016 ve11c/master r/e634e98; Dec 19 2017 11:00:25 by eja",
  "dcmmeta_affine": [
    [-2.0, 0.0, 0.0, 106.0],
    [0.0, 1.7740216255187988, -0.923497200012207, -56.99750518798828],
    [0.0, 0.923497200012207, 1.7740216255187988, -91.8767318725586],
    [0.0, 0.0, 0.0, 1.0]
],
  "dcmmeta_reorient_transform": [
    [0.0, -1.0, 0.0, 105.0],
    [1.0, 0.0, 0.0, 0.0],
    [0.0, 0.0, 1.0, 0.0],
    [0.0, 0.0, 0.0, 1.0]
],
  "dcmmeta_shape": [106, 106, 72],
  "dcmmeta_slice_dim": 2,
  "dcmmeta_version": 0.6,
  "global": {
    "const": {
      "AcquisitionMatrix": [106, 0, 0, 106],
      "AcquisitionNumber": 1,
      "AcquisitionTime": "142613.025000",
      "AngioFlag": "N",
      "BitsAllocated": 16,
      "BitsStored": 16,
      "BodyPartExamined": "BRAIN",
      "CardiacNumberOfImages": 1,
      "Columns": 954,
      "ContentTime": "142707.292000",
      "EchoNumbers": 1,
      "EchoTime": 35.2,
      "EchoTrainLength": 106,
      "FlipAngle": 60.0,
      "HighBit": 15,
      "ImageOrientationPatient": [1.0, 0.0, 0.0, 0.0, 0.88701083613109, -0.4617486075626],
      "ImagePositionPatient": [-954.0, -881.4599589154, 396.65329414283],
      "ImageType": [
        "ORIGINAL",
        "PRIMARY",
        "M",
        "ND",
        "MOSAIC"
],
      "ImagedNucleus": "1H",
      "ImagingFrequency": 123.221311,
      "InPlanePhaseEncodingDirection": "COL",
      "InstanceCreationTime": "142707.292000",
      "InstanceNumber": 1,
      "LargestImagePixelValue": 20563,
      "MRAcquisitionType": "2D",
      "MagneticFieldStrength": 3.0,
      "Manufacturer": "SIEMENS",
      "ManufacturerModelName": "Prisma",
      "Modality": "MR",
      "NominalInterval": 0,
      "NumberOfAverages": 1.0,
      "NumberOfPhaseEncodingSteps": 106,
      "PercentPhaseFieldOfView": 100.0,
      "PercentSampling": 100.0,
      "PerformedProcedureStepStartTime": "135620.663000",
      "PhotometricInterpretation": "MONOCHROME2",
      "PixelBandwidth": 2620.0,
      "PixelRepresentation": 0,
      "PixelSpacing": [2.0, 2.0],
      "ProtocolName": "task-backtothefuture_run-1",
      "RepetitionTime": 1500.0,
      "Rows": 954,
      "SAR": 0.06847506868498,
      "SamplesPerPixel": 1,
      "ScanOptions": [
        "FS",
        "EXT"
],
      "ScanningSequence": "EP",
      "SequenceName": "epfid2d1_106",
      "SequenceVariant": [
        "SK",
        "SS"
],
      "SeriesDescription": "task-backtothefuture_run-1_SBRef",
      "SeriesNumber": 5,
      "SeriesTime": "142707.288000",
      "SliceLocation": -55.177138559619,
      "SliceThickness": 2.0,
      "SmallestImagePixelValue": 0,
      "SoftwareVersions": "syngo MR E11",
      "SpacingBetweenSlices": 2.0000000113765,
      "SpecificCharacterSet": "ISO_IR 100",
      "StudyID": "1",
      "StudyTime": "135620.601000",
      "TransmitCoilName": "Body",
      "TriggerTime": 110.0,
      "VariableFlipAngleFlag": "N",
      "WindowCenter": 5450.0,
      "WindowCenterWidthExplanation": "Algo1",
      "WindowWidth": 11885.0,
      "dBdt": 0.0},
    "slices": {}
  }
}