{
    "AcquisitionMatrixPE": 106,
    "AcquisitionNumber": 1,
    "AcquisitionTime": "14:28:6.535000",
    "BandwidthPerPixelPhaseEncode": 16.846,
    "BaseResolution": 106,
    "BodyPartExamined": "BRAIN",
    "CoilCombinationMethod": "Sum of Squares",
    "ConsistencyInfo": "N4_VE11C_LATEST_20160120",
    "ConversionSoftware": "dcm2niix",
    "ConversionSoftwareVersion": "v1.0.20220720",
    "DerivedVendorReportedEchoSpacing": 0.000560012,
    "DeviceSerialNumber": "166108",
    "DwellTime": 1.8e-06,
    "EchoTime": 0.0352,
    "EchoTrainLength": 106,
    "EffectiveEchoSpacing": 0.000560012,
    "FlipAngle": 60,
    "HeudiconvVersion": "1.3.0",
    "ImageComments": "Unaliased MB4/PE3/LB",
    "ImageOrientationPatientDICOM": [
        1,
        0,
        0,
        0,
        1,
        0
    ],
    "ImageOrientationText": "Tra",
    "ImageType": [
        "ORIGINAL",
        "PRIMARY",
        "M",
        "MB",
        "ND",
        "MOSAIC"
    ],
    "ImagingFrequency": 123.244,
    "InPlanePhaseEncodingDirectionDICOM": "COL",
    "InstitutionAddress": "Bedford Way 26,London,London,GB,WC1H 0AP",
    "InstitutionName": "University College",
    "InstitutionalDepartmentName": "Department",
    "MRAcquisitionType": "2D",
    "MagneticFieldStrength": 3,
    "Manufacturer": "Siemens",
    "ManufacturersModelName": "Prisma",
    "MatrixCoilMode": "SENSE",
    "Modality": "MR",
    "MultibandAccelerationFactor": 4,
    "NonlinearGradientCorrection": false,
    "PartialFourier": 1,
    "PatientPosition": "HFS",
    "PercentPhaseFOV": 100,
    "PercentSampling": 100,
    "PhaseEncodingDirection": "j",
    "PhaseEncodingSteps": 106,
    "PhaseResolution": 1,
    "PixelBandwidth": 2620,
    "ProcedureStepDescription": "Egor^MovieProject2",
    "ProtocolName": "task-backtothefuture_run-1_PErev",
    "PulseSequenceDetails": "%CustomerSeq%\\cmrr_mbep2d_bold",
    "ReceiveCoilActiveElements": "HEA;HEP",
    "ReceiveCoilName": "Head_32",
    "ReconMatrixPE": 106,
    "RepetitionTime": 1.5,
    "SAR": 0.0637257,
    "ScanOptions": "FS\\EXT",
    "ScanningSequence": "EP",
    "SequenceName": "epfid2d1_106",
    "SequenceVariant": "SK\\SS",
    "SeriesDescription": "task-backtothefuture_run-1_PErev",
    "SeriesNumber": 5,
    "ShimSetting": [
        -1566,
        673,
        7419,
        401,
        -59,
        339,
        15,
        -25
    ],
    "SliceThickness": 2,
    "SliceTiming": [
        0,
        1.07,
        0.66,
        0.2475,
        1.3175,
        0.905,
        0.495,
        0.0825,
        1.1525,
        0.74,
        0.33,
        1.4,
        0.9875,
        0.5775,
        0.165,
        1.235,
        0.8225,
        0.4125,
        0,
        1.07,
        0.66,
        0.2475,
        1.3175,
        0.905,
        0.495,
        0.0825,
        1.1525,
        0.74,
        0.33,
        1.4,
        0.9875,
        0.5775,
        0.165,
        1.235,
        0.8225,
        0.4125,
        0,
        1.07,
        0.66,
        0.2475,
        1.3175,
        0.905,
        0.495,
        0.0825,
        1.1525,
        0.74,
        0.33,
        1.4,
        0.9875,
        0.5775,
        0.165,
        1.235,
        0.8225,
        0.4125,
        0,
        1.07,
        0.66,
        0.2475,
        1.3175,
        0.905,
        0.495,
        0.0825,
        1.1525,
        0.74,
        0.33,
        1.4,
        0.9875,
        0.5775,
        0.165,
        1.235,
        0.8225,
        0.4125
    ],
    "SoftwareVersions": "syngo MR E11",
    "SpacingBetweenSlices": 2,
    "StationName": "AWP166108",
    "TotalReadoutTime": 0.0588013,
    "TxRefAmp": 217.847,
    "WipMemBlock": "f1ef4a94-2fe3-427e-9166-7e8206913afa||Sequence: R016 ve11c/master r/e634e98; Dec 19 2017 11:00:25 by eja",
    "dcmmeta_affine": [
        [
            -2.0,
            0.0,
            0.0,
            106.0
        ],
        [
            0.0,
            2.0,
            0.0,
            -93.759033203125
        ],
        [
            0.0,
            0.0,
            2.0,
            -51.72289276123047
        ],
        [
            0.0,
            0.0,
            0.0,
            1.0
        ]
    ],
    "dcmmeta_reorient_transform": [
        [
            0.0,
            -1.0,
            0.0,
            105.0
        ],
        [
            1.0,
            0.0,
            0.0,
            0.0
        ],
        [
            0.0,
            0.0,
            1.0,
            0.0
        ],
        [
            0.0,
            0.0,
            0.0,
            1.0
        ]
    ],
    "dcmmeta_shape": [
        106,
        106,
        72,
        4
    ],
    "dcmmeta_slice_dim": 2,
    "dcmmeta_version": 0.6,
    "global": {
        "const": {
            "AcquisitionMatrix": [
                106,
                0,
                0,
                106
            ],
            "AngioFlag": "N",
            "BitsAllocated": 16,
            "BitsStored": 16,
            "BodyPartExamined": "BRAIN",
            "CardiacNumberOfImages": 1,
            "Columns": 954,
            "EchoNumbers": 1,
            "EchoTime": 35.2,
            "EchoTrainLength": 106,
            "FlipAngle": 60.0,
            "HighBit": 15,
            "ImageOrientationPatient": [
                1.0,
                0.0,
                0.0,
                0.0,
                1.0,
                0.0
            ],
            "ImagePositionPatient": [
                -954.0,
                -964.24096393585,
                -51.72289276123
            ],
            "ImageType": [
                "ORIGINAL",
                "PRIMARY",
                "M",
                "MB",
                "ND",
                "MOSAIC"
            ],
            "ImagedNucleus": "1H",
            "ImagingFrequency": 123.243715,
            "InPlanePhaseEncodingDirection": "COL",
            "MRAcquisitionType": "2D",
            "MagneticFieldStrength": 3.0,
            "Manufacturer": "SIEMENS",
            "ManufacturerModelName": "Prisma",
            "Modality": "MR",
            "NominalInterval": 0,
            "NumberOfAverages": 1.0,
            "NumberOfPhaseEncodingSteps": 106,
            "PercentPhaseFieldOfView": 100.0,
            "PercentSampling": 100.0,
            "PerformedProcedureStepStartTime": "132610.950000",
            "PhotometricInterpretation": "MONOCHROME2",
            "PixelBandwidth": 2620.0,
            "PixelRepresentation": 0,
            "PixelSpacing": [
                2.0,
                2.0
            ],
            "ProtocolName": "task-backtothefuture_run-1_PErev",
            "RepetitionTime": 1500.0,
            "Rows": 954,
            "SAR": 0.0637256685989,
            "SamplesPerPixel": 1,
            "ScanOptions": [
                "FS",
                "EXT"
            ],
            "ScanningSequence": "EP",
            "SequenceName": "epfid2d1_106",
            "SequenceVariant": [
                "SK",
                "SS"
            ],
            "SeriesDescription": "task-backtothefuture_run-1_PErev",
            "SeriesNumber": 5,
            "SeriesTime": "142836.767000",
            "SliceLocation": -51.72289276123,
            "SliceThickness": 2.0,
            "SmallestImagePixelValue": 0,
            "SoftwareVersions": "syngo MR E11",
            "SpacingBetweenSlices": 2.0,
            "SpecificCharacterSet": "ISO_IR 100",
            "StudyID": "1",
            "StudyTime": "132610.881000",
            "TransmitCoilName": "Body",
            "VariableFlipAngleFlag": "N",
            "WindowCenterWidthExplanation": "Algo1",
            "dBdt": 0.0
        },
        "slices": {}
    },
    "time": {
        "samples": {
            "AcquisitionNumber": [
                1,
                2,
                3,
                4
            ],
            "AcquisitionTime": [
                "142806.535000",
                "142808.035000",
                "142809.535000",
                "142811.035000"
            ],
            "ContentTime": [
                "142836.771000",
                "142836.781000",
                "142836.783000",
                "142836.786000"
            ],
            "InstanceCreationTime": [
                "142836.771000",
                "142836.781000",
                "142836.783000",
                "142836.786000"
            ],
            "InstanceNumber": [
                1,
                2,
                3,
                4
            ],
            "LargestImagePixelValue": [
                12691,
                12595,
                12517,
                12410
            ],
            "TriggerTime": [
                10607.5,
                12107.5,
                13607.5,
                15107.5
            ],
            "WindowCenter": [
                4732.0,
                4695.0,
                4705.0,
                4707.0
            ],
            "WindowWidth": [
                10477.0,
                10411.0,
                10425.0,
                10430.0
            ]
        },
        "slices": {}
    },
    "IntendedFor": [
        "ses-001/func/sub-02_ses-001_task-backtothefuture_run-001_bold.nii.gz"
    ]
}