{
    "AcquisitionMatrixPE": 106,
    "AcquisitionNumber": 1,
    "AcquisitionTime": "15:10:31.460000",
    "BandwidthPerPixelPhaseEncode": 16.846,
    "BaseResolution": 106,
    "BodyPartExamined": "BRAIN",
    "CoilCombinationMethod": "Sum of Squares",
    "ConsistencyInfo": "N4_VE11C_LATEST_20160120",
    "ConversionSoftware": "dcm2niix",
    "ConversionSoftwareVersion": "v1.0.20220720",
    "DerivedVendorReportedEchoSpacing": 0.000560012,
    "DeviceSerialNumber": "166108",
    "DwellTime": 1.8e-06,
    "EchoTime": 0.0352,
    "EchoTrainLength": 106,
    "EffectiveEchoSpacing": 0.000560012,
    "FlipAngle": 60,
    "HeudiconvVersion": "1.3.0",
    "ImageComments": "Unaliased MB4/PE3/LB",
    "ImageOrientationPatientDICOM": [
        1,
        0,
        0,
        0,
        1,
        0
    ],
    "ImageOrientationText": "Tra",
    "ImageType": [
        "ORIGINAL",
        "PRIMARY",
        "M",
        "MB",
        "ND",
        "MOSAIC"
    ],
    "ImagingFrequency": 123.244,
    "InPlanePhaseEncodingDirectionDICOM": "COL",
    "InstitutionAddress": "Bedford Way 26,London,London,GB,WC1H 0AP",
    "InstitutionName": "University College",
    "InstitutionalDepartmentName": "Department",
    "MRAcquisitionType": "2D",
    "MagneticFieldStrength": 3,
    "Manufacturer": "Siemens",
    "ManufacturersModelName": "Prisma",
    "MatrixCoilMode": "SENSE",
    "Modality": "MR",
    "MultibandAccelerationFactor": 4,
    "NonlinearGradientCorrection": false,
    "PartialFourier": 1,
    "PatientPosition": "HFS",
    "PercentPhaseFOV": 100,
    "PercentSampling": 100,
    "PhaseEncodingDirection": "j",
    "PhaseEncodingSteps": 106,
    "PhaseResolution": 1,
    "PixelBandwidth": 2620,
    "ProcedureStepDescription": "Egor^MovieProject2",
    "ProtocolName": "task-backtothefuture_run-2_PErev",
    "PulseSequenceDetails": "%CustomerSeq%\\cmrr_mbep2d_bold",
    "ReceiveCoilActiveElements": "HEA;HEP",
    "ReceiveCoilName": "Head_32",
    "ReconMatrixPE": 106,
    "RepetitionTime": 1.5,
    "SAR": 0.0637257,
    "ScanOptions": "FS\\EXT",
    "ScanningSequence": "EP",
    "SequenceName": "epfid2d1_106",
    "SequenceVariant": "SK\\SS",
    "SeriesDescription": "task-backtothefuture_run-2_PErev",
    "SeriesNumber": 9,
    "ShimSetting": [
        -1566,
        673,
        7419,
        401,
        -59,
        339,
        15,
        -25
    ],
    "SliceThickness": 2,
    "SliceTiming": [
        0,
        1.07,
        0.66,
        0.2475,
        1.3175,
        0.905,
        0.495,
        0.0825,
        1.1525,
        0.74,
        0.33,
        1.4,
        0.9875,
        0.5775,
        0.165,
        1.235,
        0.8225,
        0.4125,
        0,
        1.07,
        0.66,
        0.2475,
        1.3175,
        0.905,
        0.495,
        0.0825,
        1.1525,
        0.74,
        0.33,
        1.4,
        0.9875,
        0.5775,
        0.165,
        1.235,
        0.8225,
        0.4125,
        0,
        1.07,
        0.66,
        0.2475,
        1.3175,
        0.905,
        0.495,
        0.0825,
        1.1525,
        0.74,
        0.33,
        1.4,
        0.9875,
        0.5775,
        0.165,
        1.235,
        0.8225,
        0.4125,
        0,
        1.07,
        0.66,
        0.2475,
        1.3175,
        0.905,
        0.495,
        0.0825,
        1.1525,
        0.74,
        0.33,
        1.4,
        0.9875,
        0.5775,
        0.165,
        1.235,
        0.8225,
        0.4125
    ],
    "SoftwareVersions": "syngo MR E11",
    "SpacingBetweenSlices": 2,
    "StationName": "AWP166108",
    "TotalReadoutTime": 0.0588013,
    "TxRefAmp": 217.847,
    "WipMemBlock": "93b8b922-6323-4256-9e37-656b42fd50ce||Sequence: R016 ve11c/master r/e634e98; Dec 19 2017 11:00:25 by eja",
    "dcmmeta_affine": [
        [
            -2.0,
            0.0,
            0.0,
            106.0
        ],
        [
            0.0,
            2.0,
            0.0,
            -93.759033203125
        ],
        [
            0.0,
            0.0,
            2.0,
            -51.72289276123047
        ],
        [
            0.0,
            0.0,
            0.0,
            1.0
        ]
    ],
    "dcmmeta_reorient_transform": [
        [
            0.0,
            -1.0,
            0.0,
            105.0
        ],
        [
            1.0,
            0.0,
            0.0,
            0.0
        ],
        [
            0.0,
            0.0,
            1.0,
            0.0
        ],
        [
            0.0,
            0.0,
            0.0,
            1.0
        ]
    ],
    "dcmmeta_shape": [
        106,
        106,
        72,
        4
    ],
    "dcmmeta_slice_dim": 2,
    "dcmmeta_version": 0.6,
    "global": {
        "const": {
            "AcquisitionMatrix": [
                106,
                0,
                0,
                106
            ],
            "AngioFlag": "N",
            "BitsAllocated": 16,
            "BitsStored": 16,
            "BodyPartExamined": "BRAIN",
            "CardiacNumberOfImages": 1,
            "Columns": 954,
            "EchoNumbers": 1,
            "EchoTime": 35.2,
            "EchoTrainLength": 106,
            "FlipAngle": 60.0,
            "HighBit": 15,
            "ImageOrientationPatient": [
                1.0,
                0.0,
                0.0,
                0.0,
                1.0,
                0.0
            ],
            "ImagePositionPatient": [
                -954.0,
                -964.24096393585,
                -51.72289276123
            ],
            "ImageType": [
                "ORIGINAL",
                "PRIMARY",
                "M",
                "MB",
                "ND",
                "MOSAIC"
            ],
            "ImagedNucleus": "1H",
            "ImagingFrequency": 123.243728,
            "InPlanePhaseEncodingDirection": "COL",
            "MRAcquisitionType": "2D",
            "MagneticFieldStrength": 3.0,
            "Manufacturer": "SIEMENS",
            "ManufacturerModelName": "Prisma",
            "Modality": "MR",
            "NominalInterval": 0,
            "NumberOfAverages": 1.0,
            "NumberOfPhaseEncodingSteps": 106,
            "PercentPhaseFieldOfView": 100.0,
            "PercentSampling": 100.0,
            "PerformedProcedureStepStartTime": "132610.950000",
            "PhotometricInterpretation": "MONOCHROME2",
            "PixelBandwidth": 2620.0,
            "PixelRepresentation": 0,
            "PixelSpacing": [
                2.0,
                2.0
            ],
            "ProtocolName": "task-backtothefuture_run-2_PErev",
            "RepetitionTime": 1500.0,
            "Rows": 954,
            "SAR": 0.0637256685989,
            "SamplesPerPixel": 1,
            "ScanOptions": [
                "FS",
                "EXT"
            ],
            "ScanningSequence": "EP",
            "SequenceName": "epfid2d1_106",
            "SequenceVariant": [
                "SK",
                "SS"
            ],
            "SeriesDescription": "task-backtothefuture_run-2_PErev",
            "SeriesNumber": 9,
            "SeriesTime": "151102.021000",
            "SliceLocation": -51.72289276123,
            "SliceThickness": 2.0,
            "SmallestImagePixelValue": 0,
            "SoftwareVersions": "syngo MR E11",
            "SpacingBetweenSlices": 2.0,
            "SpecificCharacterSet": "ISO_IR 100",
            "StudyID": "1",
            "StudyTime": "132610.881000",
            "TransmitCoilName": "Body",
            "VariableFlipAngleFlag": "N",
            "WindowCenterWidthExplanation": "Algo1",
            "dBdt": 0.0
        },
        "slices": {}
    },
    "time": {
        "samples": {
            "AcquisitionNumber": [
                1,
                2,
                3,
                4
            ],
            "AcquisitionTime": [
                "151031.460000",
                "151032.960000",
                "151034.460000",
                "151035.960000"
            ],
            "ContentTime": [
                "151102.023000",
                "151102.032000",
                "151102.035000",
                "151102.038000"
            ],
            "InstanceCreationTime": [
                "151102.023000",
                "151102.032000",
                "151102.035000",
                "151102.038000"
            ],
            "InstanceNumber": [
                1,
                2,
                3,
                4
            ],
            "LargestImagePixelValue": [
                13312,
                12981,
                12810,
                12826
            ],
            "TriggerTime": [
                10607.5,
                12107.5,
                13607.5,
                15107.5
            ],
            "WindowCenter": [
                4771.0,
                4758.0,
                4746.0,
                4735.0
            ],
            "WindowWidth": [
                10551.0,
                10523.0,
                10504.0,
                10487.0
            ]
        },
        "slices": {}
    },
    "IntendedFor": [
        "ses-001/func/sub-02_ses-001_task-backtothefuture_run-002_bold.nii.gz"
    ]
}